GEM
  remote: https://rubygems.org/
  specs:
    RedCloth (4.2.9)
    blankslate (3.1.3)
    celluloid (0.16.0)
      timers (~> 4.0.0)
    classifier (1.3.4)
      fast-stemmer (>= 1.0.0)
    coffee-script (2.2.0)
      coffee-script-source
      execjs
    coffee-script-source (1.7.1)
    colorator (0.1)
    commander (4.1.6)
      highline (~> 1.6.11)
    directory_watcher (1.4.1)
    execjs (2.2.2)
    fast-stemmer (1.0.2)
    ffi (1.9.6)
    github-pages (8)
      RedCloth (= 4.2.9)
      jekyll (= 1.2.0)
      kramdown (= 1.0.2)
      liquid (= 2.5.1)
      maruku (= 0.6.1)
      rdiscount (= 1.6.8)
      redcarpet (= 2.2.2)
    highline (1.6.21)
    hitimes (1.2.2)
    jekyll (1.2.0)
      classifier (~> 1.3)
      colorator (~> 0.1)
      commander (~> 4.1.3)
      directory_watcher (~> 1.4.1)
      liquid (~> 2.5.1)
      maruku (~> 0.5)
      pygments.rb (~> 0.5.0)
      redcarpet (~> 2.2.2)
      safe_yaml (~> 0.7.0)
    kramdown (1.0.2)
    liquid (2.5.1)
    listen (2.8.6)
      celluloid (>= 0.15.2)
      rb-inotify (>= 0.9)
    maruku (0.6.1)
      syntax (>= 1.0.0)
      syntax (>= 1.0.0)
      syntax (>= 1.0.0)
      syntax (>= 1.0.0)
      syntax (>= 1.0.0)
      syntax (>= 1.0.0)
      syntax (>= 1.0.0)
      syntax (>= 1.0.0)
      syntax (>= 1.0.0)
      syntax (>= 1.0.0)
      syntax (>= 1.0.0)
      syntax (>= 1.0.0)
      syntax (>= 1.0.0)
      syntax (>= 1.0.0)
      syntax (>= 1.0.0)
      syntax (>= 1.0.0)
      syntax (>= 1.0.0)
    parslet (1.7.0)
    posix-spawn (0.3.11)
    pygments.rb (0.5.4)
      posix-spawn (~> 0.3.6)
      yajl-ruby (~> 1.1.0)
    rb-inotify (0.9.5)
      ffi (>= 0.5.0)
    rdiscount (1.6.8)
    redcarpet (2.2.2)
    safe_yaml (0.7.1)
    syntax (1.2.0)
    timers (4.0.1)
      hitimes
    toml (0.0.4)
      parslet
    yajl-ruby (1.1.0)

PLATFORMS
  ruby

DEPENDENCIES
  blankslate
  coffee-script
  github-pages
  listen
  toml
